PATH
  remote: .
  specs:
    epdq (0.0.1)

GEM
  remote: https://rubygems.org/
  specs:
    test-unit (2.5.3)

PLATFORMS
  ruby

DEPENDENCIES
  epdq!
  test-unit (~> 2.5.3)

BUNDLED WITH
   1.11.2
